GIT
  remote: https://github.com/skywinder/github-changelog-generator
  revision: 20ee04ba1234e9e83eb2ffb5056e23d641c7a018
  ref: 20ee04ba1234e9e83eb2ffb5056e23d641c7a018
  specs:
    github_changelog_generator (1.15.0.pre.rc)
      activesupport
      faraday-http-cache
      multi_json
      octokit (~> 4.6)
      rainbow (>= 2.2.1)
      rake (>= 10.0)
      retriable (~> 3.0)

GEM
  remote: https://rubygems.org/
  specs:
    CFPropertyList (2.3.6)
    activesupport (5.2.4.3)
      concurrent-ruby (~> 1.0, >= 1.0.2)
      i18n (>= 0.7, < 2)
      minitest (~> 5.1)
      tzinfo (~> 1.1)
    addressable (2.6.0)
      public_suffix (>= 2.0.2, < 4.0)
    ansi (1.5.0)
    ast (2.4.2)
    awesome_print (1.9.2)
    aws-eventstream (1.2.0)
    aws-partitions (1.538.0)
    aws-sdk-core (3.124.0)
      aws-eventstream (~> 1, >= 1.0.2)
      aws-partitions (~> 1, >= 1.525.0)
      aws-sigv4 (~> 1.1)
      jmespath (~> 1.0)
    aws-sdk-ec2 (1.286.0)
      aws-sdk-core (~> 3, >= 3.122.0)
      aws-sigv4 (~> 1.1)
    aws-sigv4 (1.4.0)
      aws-eventstream (~> 1, >= 1.0.2)
    bcrypt_pbkdf (1.1.0)
    beaker (4.31.0)
      beaker-hostgenerator
      hocon (~> 1.0)
      in-parallel (~> 0.1)
      inifile (~> 3.0)
      minitar (~> 0.6)
      minitest (~> 5.4)
      net-scp (>= 1.2, < 4.0)
      net-ssh (>= 5.0)
      open_uri_redirections (~> 0.2.1)
      pry-byebug (~> 3.9)
      rb-readline (~> 0.5.3)
      rexml
      rsync (~> 1.0.9)
      stringify-hash (~> 0.0)
      thor (>= 1.0.1, < 2.0)
    beaker-abs (0.5.0)
    beaker-answers (0.29.0)
      hocon (~> 1.0)
      require_all (>= 1.3.2, < 3.1.0)
      stringify-hash (~> 0.0.0)
    beaker-aws (0.9.0)
      aws-partitions (~> 1.91)
      aws-sdk-ec2 (~> 1.35)
      stringify-hash (~> 0.0.0)
    beaker-docker (0.8.4)
      docker-api (~> 2.1)
      stringify-hash (~> 0.0.0)
    beaker-google (0.2.1)
      google-api-client (~> 0.8)
      stringify-hash (~> 0.0.0)
    beaker-hostgenerator (1.8.0)
      deep_merge (~> 1.0)
    beaker-i18n_helper (1.1.0)
    beaker-module_install_helper (0.1.7)
      beaker (>= 2.0)
    beaker-openstack (0.3.0)
      fog-openstack (~> 1.0.0)
      stringify-hash (~> 0.0.0)
    beaker-pe (2.11.16)
      beaker (~> 4.0)
      beaker-abs
      beaker-answers (~> 0.0)
      beaker-puppet (~> 1.0)
      beaker-vmpooler (~> 1.0)
      stringify-hash (~> 0.0.0)
    beaker-puppet (1.22.1)
      beaker (~> 4.1)
      in-parallel (~> 0.1)
      oga
    beaker-puppet_install_helper (0.9.8)
      beaker (~> 4.0)
      beaker-pe (~> 2.0)
    beaker-rspec (6.3.0)
      beaker (> 3.0)
      beaker-pe
      rspec (~> 3.0)
      serverspec (~> 2)
      specinfra (~> 2)
    beaker-task_helper (1.9.0)
    beaker-vagrant (0.7.1)
    beaker-vcloud (1.1.0)
      beaker-vmware
      rbvmomi (~> 1.9)
      stringify-hash (~> 0.0.0)
    beaker-vmpooler (1.4.0)
      stringify-hash (~> 0.0.0)
    beaker-vmware (0.3.0)
      fission (~> 0.4)
      rbvmomi (~> 1.9)
      stringify-hash (~> 0.0.0)
    builder (3.2.4)
    byebug (11.1.3)
    codecov (0.6.0)
      simplecov (>= 0.15, < 0.22)
    coderay (1.1.3)
    concurrent-ruby (1.1.7)
    declarative (0.0.20)
    deep_merge (1.2.1)
    dependency_checker (0.2.0)
      parallel
      puppet_forge (~> 2.2)
      rake (~> 12.3)
      semantic_puppet (~> 1.0)
    diff-lcs (1.4.4)
    docile (1.4.0)
    docker-api (2.2.0)
      excon (>= 0.47.0)
      multi_json
    domain_name (0.5.20190701)
      unf (>= 0.0.5, < 1.0.0)
    ed25519 (1.2.4)
    excon (0.88.0)
    facter (4.2.5)
      hocon (~> 1.3)
      thor (>= 1.0.1, < 2.0)
    facterdb (1.12.1)
      facter (< 5.0.0)
      jgrep
    faraday (0.13.1)
      multipart-post (>= 1.2, < 3)
    faraday-http-cache (2.0.0)
      faraday (~> 0.8)
    faraday_middleware (0.12.2)
      faraday (>= 0.7.4, < 1.0)
    fast_gettext (1.1.2)
    fission (0.5.0)
      CFPropertyList (~> 2.2)
    fog-core (2.2.4)
      builder
      excon (~> 0.71)
      formatador (~> 0.2)
      mime-types
    fog-json (1.2.0)
      fog-core
      multi_json (~> 1.10)
    fog-openstack (1.0.11)
      fog-core (~> 2.1)
      fog-json (>= 1.0)
      ipaddress (>= 0.8)
    formatador (0.3.0)
    gettext (3.2.9)
      locale (>= 2.0.5)
      text (>= 1.3.0)
    gettext-setup (0.34)
      fast_gettext (~> 1.1.0)
      gettext (>= 3.0.2, < 3.3.0)
      locale
    google-api-client (0.52.0)
      addressable (~> 2.5, >= 2.5.1)
      googleauth (~> 0.9)
      httpclient (>= 2.8.1, < 3.0)
      mini_mime (~> 1.0)
      representable (~> 3.0)
      retriable (>= 2.0, < 4.0)
      rexml
      signet (~> 0.12)
    googleauth (0.10.0)
      faraday (~> 0.12)
      jwt (>= 1.4, < 3.0)
      memoist (~> 0.16)
      multi_json (~> 1.11)
      os (>= 0.9, < 2.0)
      signet (~> 0.12)
    hiera (3.7.0)
    hirb (0.7.3)
    hocon (1.3.1)
    http-accept (1.7.0)
    http-cookie (1.0.4)
      domain_name (~> 0.5)
    httpclient (2.8.3)
    i18n (1.8.5)
      concurrent-ruby (~> 1.0)
    in-parallel (0.1.17)
    inifile (3.0.0)
    ipaddress (0.8.3)
    jgrep (1.5.4)
    jmespath (1.4.0)
    json (2.6.1)
    json-schema (2.8.1)
      addressable (>= 2.4)
    jwt (2.3.0)
    locale (2.1.3)
    master_manipulator (2.1.1)
      beaker (>= 2.7.0)
      multi_json
    memoist (0.16.2)
    metaclass (0.0.4)
    metadata-json-lint (3.0.1)
      json-schema (~> 2.8)
      spdx-licenses (~> 1.0)
    method_source (1.0.0)
    mime-types (3.4.1)
      mime-types-data (~> 3.2015)
    mime-types-data (3.2021.1115)
    mini_mime (1.1.2)
    mini_portile2 (2.6.1)
    minitar (0.9)
    minitest (5.14.2)
    mocha (1.1.0)
      metaclass (~> 0.0.1)
    multi_json (1.15.0)
    multipart-post (2.1.1)
    net-scp (3.0.0)
      net-ssh (>= 2.6.5, < 7.0.0)
    net-ssh (6.1.0)
    net-telnet (0.1.1)
    netrc (0.11.0)
    nokogiri (1.12.5)
      mini_portile2 (~> 2.6.1)
      racc (~> 1.4)
    octokit (4.14.0)
      sawyer (~> 0.8.0, >= 0.5.3)
    oga (3.3)
      ast
      ruby-ll (~> 2.1)
    open_uri_redirections (0.2.1)
    os (1.1.4)
    parallel (1.21.0)
    parallel_tests (3.7.3)
      parallel
    parser (3.0.3.1)
      ast (~> 2.4.1)
    pathspec (1.0.0)
    pluginator (1.5.0)
    pry (0.13.1)
      coderay (~> 1.1)
      method_source (~> 1.0)
    pry-byebug (3.9.0)
      byebug (~> 11.0)
      pry (~> 0.13.0)
    public_suffix (3.1.1)
    puppet (7.12.1)
      concurrent-ruby (~> 1.0)
      deep_merge (~> 1.0)
      facter (> 2.0.1, < 5)
      fast_gettext (~> 1.1)
      hiera (>= 3.2.1, < 4)
      locale (~> 2.1)
      multi_json (~> 1.10)
      puppet-resource_api (~> 1.5)
      scanf (~> 1.0)
      semantic_puppet (~> 1.0)
    puppet-blacksmith (6.1.1)
      puppet-modulebuilder (~> 0.2)
      rest-client (~> 2.0)
    puppet-debugger (1.2.0)
      awesome_print (~> 1.7)
      bundler
      facterdb (>= 0.4.0)
      pluginator (~> 1.5.0)
      puppet (>= 5.5)
      rb-readline (>= 0.5.5)
      table_print (>= 1.0.0)
      tty-pager (~> 0.13.0)
    puppet-lint (2.5.2)
    puppet-module-posix-default-r2.7 (1.1.1)
    puppet-module-posix-dev-r2.7 (1.1.1)
      bcrypt_pbkdf (~> 1.0)
      codecov (~> 0.2)
      concurrent-ruby (!= 1.1.6)
      dependency_checker (~> 0.2)
      ed25519 (~> 1.2)
      facterdb (>= 0.8.1, < 2.0.0)
      metadata-json-lint (>= 2.0.2, < 4.0.0)
      mocha (>= 1.0.0, < 1.2.0)
      parallel_tests (~> 3.4)
      pry (~> 0.10)
      puppet-blacksmith (~> 6.0)
      puppet-debugger (~> 1.0)
      puppet-lint (>= 2.3.0, < 3.0.0)
      puppet-resource_api (~> 1.8)
      puppet-strings (~> 2.0)
      puppet-syntax (~> 3.0)
      puppetlabs_spec_helper (>= 2.9.0, < 4.0.0)
      rainbow (~> 2.0)
      rspec-puppet (>= 2.3.2, < 3.0.0)
      rspec-puppet-facts (>= 1.10.0, < 3)
      rspec_junit_formatter (~> 0.2)
      rubocop (= 1.6.1)
      rubocop-performance (= 1.9.1)
      rubocop-rspec (= 2.0.1)
      serverspec (~> 2.41)
      simplecov (< 0.19.0)
      simplecov-console (~> 0.4.2)
      specinfra (= 2.82.2)
    puppet-module-posix-system-r2.7 (0.5.3)
      beaker (>= 4.0.0, < 5.0.0)
      beaker-abs (>= 0.4.0, < 1.0.0)
      beaker-aws (>= 0.6.0, < 1.0.0)
      beaker-docker (>= 0.3.3, < 1.0.0)
      beaker-google (>= 0.1.0, < 1.0.0)
      beaker-hostgenerator (>= 1.1.14, < 2.0.0)
      beaker-i18n_helper (~> 1.1)
      beaker-module_install_helper (>= 0.1.4, < 1.0.0)
      beaker-openstack (>= 0.2.0, < 1.0.0)
      beaker-pe (>= 2.0.0, < 3.0.0)
      beaker-puppet (>= 1.6.0, < 2.0.0)
      beaker-puppet_install_helper (>= 0.7.1, < 1.0.0)
      beaker-rspec (>= 6.2.4, < 7.0.0)
      beaker-task_helper (>= 1.1.0, < 2.0.0)
      beaker-vagrant (>= 0.5.0, < 1.0.0)
      beaker-vcloud (>= 1.0.0, < 2.0.0)
      beaker-vmpooler (>= 1.3.0, < 2.0.0)
      beaker-vmware (>= 0.3.0, < 1.0.0)
      master_manipulator (>= 2.1.1, < 3.0.0)
    puppet-modulebuilder (0.3.0)
      minitar (~> 0.9)
      pathspec (>= 0.2.1, < 2.0.0)
    puppet-resource_api (1.8.14)
      hocon (>= 1.0)
    puppet-strings (2.9.0)
      rgen
      yard (~> 0.9.5)
    puppet-syntax (3.1.0)
      puppet (>= 5)
      rake
    puppet_forge (2.3.0)
      faraday (>= 0.9.0, < 0.14.0)
      faraday_middleware (>= 0.9.0, < 0.13.0)
      gettext-setup (~> 0.11)
      minitar
      semantic_puppet (~> 1.0)
    puppetlabs_spec_helper (3.0.0)
      mocha (~> 1.0)
      pathspec (>= 0.2.1, < 1.1.0)
      puppet-lint (~> 2.0)
      puppet-syntax (>= 2.0, < 4)
      rspec-puppet (~> 2.0)
    racc (1.6.0)
    rainbow (2.2.2)
      rake
    rake (12.3.3)
    rb-readline (0.5.5)
    rbvmomi (1.13.0)
      builder (~> 3.0)
      json (>= 1.8)
      nokogiri (~> 1.5)
      trollop (~> 2.1)
    regexp_parser (2.1.1)
    representable (3.1.1)
      declarative (< 0.1.0)
      trailblazer-option (>= 0.1.1, < 0.2.0)
      uber (< 0.2.0)
    require_all (3.0.0)
    rest-client (2.1.0)
      http-accept (>= 1.7.0, < 2.0)
      http-cookie (>= 1.0.2, < 2.0)
      mime-types (>= 1.16, < 4.0)
      netrc (~> 0.8)
    retriable (3.1.2)
    rexml (3.2.5)
    rgen (0.9.0)
    rspec (3.10.0)
      rspec-core (~> 3.10.0)
      rspec-expectations (~> 3.10.0)
      rspec-mocks (~> 3.10.0)
    rspec-core (3.10.1)
      rspec-support (~> 3.10.0)
    rspec-expectations (3.10.1)
      diff-lcs (>= 1.2.0, < 2.0)
      rspec-support (~> 3.10.0)
    rspec-its (1.3.0)
      rspec-core (>= 3.0.0)
      rspec-expectations (>= 3.0.0)
    rspec-mocks (3.10.2)
      diff-lcs (>= 1.2.0, < 2.0)
      rspec-support (~> 3.10.0)
    rspec-puppet (2.11.0)
      rspec
    rspec-puppet-facts (2.0.3)
      facter
      facterdb (>= 0.5.0)
      puppet
    rspec-support (3.10.3)
    rspec_junit_formatter (0.4.1)
      rspec-core (>= 2, < 4, != 2.12.0)
    rsync (1.0.9)
    rubocop (1.6.1)
      parallel (~> 1.10)
      parser (>= 2.7.1.5)
      rainbow (>= 2.2.2, < 4.0)
      regexp_parser (>= 1.8, < 3.0)
      rexml
      rubocop-ast (>= 1.2.0, < 2.0)
      ruby-progressbar (~> 1.7)
      unicode-display_width (>= 1.4.0, < 2.0)
    rubocop-ast (1.14.0)
      parser (>= 3.0.1.1)
    rubocop-performance (1.9.1)
      rubocop (>= 0.90.0, < 2.0)
      rubocop-ast (>= 0.4.0)
    rubocop-rspec (2.0.1)
      rubocop (~> 1.0)
      rubocop-ast (>= 1.1.0)
    ruby-ll (2.1.2)
      ansi
      ast
    ruby-progressbar (1.11.0)
    sawyer (0.8.2)
      addressable (>= 2.3.5)
      faraday (> 0.8, < 2.0)
    scanf (1.0.0)
    semantic_puppet (1.0.4)
    serverspec (2.41.8)
      multi_json
      rspec (~> 3.0)
      rspec-its
      specinfra (~> 2.72)
    sfl (2.3)
    signet (0.12.0)
      addressable (~> 2.3)
      faraday (~> 0.9)
      jwt (>= 1.5, < 3.0)
      multi_json (~> 1.10)
    simplecov (0.18.5)
      docile (~> 1.1)
      simplecov-html (~> 0.11)
    simplecov-console (0.4.2)
      ansi
      hirb
      simplecov
    simplecov-html (0.12.3)
    spdx-licenses (1.3.0)
    specinfra (2.82.2)
      net-scp
      net-ssh (>= 2.7)
      net-telnet (= 0.1.1)
      sfl
    stringify-hash (0.0.2)
    strings (0.1.8)
      strings-ansi (~> 0.1)
      unicode-display_width (~> 1.5)
      unicode_utils (~> 1.4)
    strings-ansi (0.2.0)
    table_print (1.5.7)
    text (1.3.1)
    thor (1.1.0)
    thread_safe (0.3.6)
    trailblazer-option (0.1.2)
    trollop (2.9.10)
    tty-pager (0.13.0)
      strings (~> 0.1.8)
      tty-screen (~> 0.8)
    tty-screen (0.8.1)
    tzinfo (1.2.7)
      thread_safe (~> 0.1)
    uber (0.1.0)
    unf (0.1.4)
      unf_ext
    unf_ext (0.0.8)
    unicode-display_width (1.8.0)
    unicode_utils (1.4.0)
    webrick (1.7.0)
    yard (0.9.27)
      webrick (~> 1.7.0)

PLATFORMS
  ruby

DEPENDENCIES
  fast_gettext
  github_changelog_generator!
  puppet
  puppet-module-posix-default-r2.7
  puppet-module-posix-dev-r2.7
  puppet-module-posix-system-r2.7
  puppet-module-win-default-r2.7
  puppet-module-win-dev-r2.7
  puppet-module-win-system-r2.7

BUNDLED WITH
   1.17.3
